GEM
  remote: http://rubygems.org/
  specs:
    br-cnpj (1.0.1)
    br-cpf (0.1.2)
    diff-lcs (1.1.2)
    git (1.2.5)
    jeweler (1.5.2)
      bundler (~> 1.0.0)
      git (>= 1.2.5)
      rake
    rake (0.8.7)
    rcov (0.9.9)
    rspec (2.1.0)
      rspec-core (~> 2.1.0)
      rspec-expectations (~> 2.1.0)
      rspec-mocks (~> 2.1.0)
    rspec-core (2.1.0)
    rspec-expectations (2.1.0)
      diff-lcs (~> 1.1.2)
    rspec-mocks (2.1.0)

PLATFORMS
  ruby

DEPENDENCIES
  br-cnpj
  br-cpf
  bundler (~> 1.0.0)
  jeweler (~> 1.5.1)
  rcov
  rspec (~> 2.1.0)
